{
	"Modality": "MR",
	"MagneticFieldStrength": 3,
	"Manufacturer": "GE",
	"ManufacturersModelName": "DISCOVERY_MR750",
	"InstitutionName": "NIH_FMRIF",
	"DeviceSerialNumber": "000301496MR3T6MR",
	"StationName": "fmrif3tb",
	"BodyPartExamined": "BRAIN",
	"PatientPosition": "HFS",
	"SoftwareVersions": "27_LX_MR_Software_release:DV26.0_R01_1725.a",
	"MRAcquisitionType": "2D",
	"SeriesDescription": "Axial_4_directions_3_shells_pepolar=1",
	"ProtocolName": "Axial_4_directions_3_shells_pepolar=1",
	"ScanningSequence": "EP_SE",
	"SequenceVariant": "NONE",
	"ScanOptions": "SAT_GEMS_EPI_GEMS_FILTERED_GEMS_PFF_FS",
	"ImageType": ["ORIGINAL", "PRIMARY", "OTHER"],
	"SeriesNumber": 4,
	"AcquisitionTime": "11:16:59.000000",
	"AcquisitionNumber": 1,
	"SliceThickness": 2,
	"SpacingBetweenSlices": 12,
	"SAR": 0.0387903,
	"EchoTime": 0.0851,
	"RepetitionTime": 7.8,
	"FlipAngle": 90,
	"PercentPhaseFOV": 100,
	"AcquisitionMatrixPE": 116,
	"ReconMatrixPE": 256,
	"EffectiveEchoSpacing": 0.000684,
	"TotalReadoutTime": 0.17442,
	"PixelBandwidth": 1953.12,
	"PhaseEncodingDirection": "j-",
	"SliceTiming": [
		0,
		1.56,
		3.12,
		4.68,
		6.24	],
	"ImageOrientationPatientDICOM": [
		1,
		-0,
		0,
		-0,
		1,
		0	],
	"InPlanePhaseEncodingDirectionDICOM": "COL",
	"ConversionSoftware": "dcm2niix",
	"ConversionSoftwareVersion": "v1.0.20180328 Clang9.1.0"
}
