{
	"Modality": "MR",
	"MagneticFieldStrength": 3,
	"Manufacturer": "GE",
	"ManufacturersModelName": "DISCOVERY_MR750",
	"InstitutionName": "NIH_FMRIF",
	"DeviceSerialNumber": "000301496MR3T6MR",
	"StationName": "fmrif3tb",
	"BodyPartExamined": "BRAIN",
	"PatientPosition": "HFS",
	"SoftwareVersions": "27_LX_MR_Software_release:DV26.0_R01_1725.a",
	"MRAcquisitionType": "2D",
	"SeriesDescription": "Axial_EPI_(slice_order_S_to_I)",
	"ProtocolName": "Axial_EPI_(slice_order_S_to_I)",
	"ScanningSequence": "EP_GR",
	"SequenceVariant": "SS",
	"ScanOptions": "MP_GEMS_EPI_GEMS",
	"ImageType": ["ORIGINAL", "PRIMARY", "OTHER"],
	"SeriesNumber": 5,
	"AcquisitionTime": "11:27:45.000000",
	"AcquisitionNumber": 1,
	"SliceThickness": 3,
	"SpacingBetweenSlices": 12,
	"SAR": 0.026801,
	"EchoTime": 0.03,
	"RepetitionTime": 1,
	"FlipAngle": 50,
	"PercentPhaseFOV": 100,
	"AcquisitionMatrixPE": 64,
	"ReconMatrixPE": 64,
	"EffectiveEchoSpacing": 0.000388,
	"TotalReadoutTime": 0.024444,
	"PixelBandwidth": 7812.5,
	"PhaseEncodingDirection": "j-",
	"SliceTiming": [
		0,
		0.142857,
		0.285714,
		0.428571,
		0.571429,
		0.714286,
		0.857143	],
	"ImageOrientationPatientDICOM": [
		1,
		-0,
		0,
		-0,
		1,
		0	],
	"InPlanePhaseEncodingDirectionDICOM": "COL",
	"ConversionSoftware": "dcm2niix",
	"ConversionSoftwareVersion": "v1.0.20180328 Clang9.1.0"
}
